GEM
  remote: https://rubygems.org/
  specs:
    amazon-ecs (2.3.1)
      nokogiri (~> 1.4)
      ruby-hmac (~> 0.3)
    backports (3.6.4)
    binding_of_caller (0.7.2)
      debug_inspector (>= 0.0.1)
    byebug (4.0.5)
      columnize (= 0.9.0)
    coderay (1.1.0)
    columnize (0.9.0)
    debug_inspector (0.0.2)
    method_source (0.8.2)
    mini_portile (0.6.2)
    multi_json (1.11.0)
    nokogiri (1.6.6.2)
      mini_portile (~> 0.6.0)
    pry (0.10.1)
      coderay (~> 1.1.0)
      method_source (~> 0.8.1)
      slop (~> 3.4)
    pry-byebug (3.1.0)
      byebug (~> 4.0)
      pry (~> 0.10)
    pry-doc (0.6.0)
      pry (~> 0.9)
      yard (~> 0.8)
    pry-rails (0.3.4)
      pry (>= 0.9.10)
    pry-stack_explorer (0.4.9.2)
      binding_of_caller (>= 0.7)
      pry (>= 0.9.11)
    rack (1.6.1)
    rack-protection (1.5.3)
      rack
    rack-test (0.6.3)
      rack (>= 1.0)
    ruby-hmac (0.4.0)
    sinatra (1.4.6)
      rack (~> 1.4)
      rack-protection (~> 1.4)
      tilt (>= 1.3, < 3)
    sinatra-contrib (1.4.2)
      backports (>= 2.0)
      multi_json
      rack-protection
      rack-test
      sinatra (~> 1.4.0)
      tilt (~> 1.3)
    slop (3.6.0)
    tilt (1.4.1)
    yard (0.8.7.6)

PLATFORMS
  ruby

DEPENDENCIES
  amazon-ecs
  nokogiri
  pry-byebug
  pry-doc
  pry-rails
  pry-stack_explorer
  sinatra
  sinatra-contrib
