GEM
  remote: https://rubygems.org/
  specs:
    amazon-ecs (2.5.0)
      nokogiri (~> 1.4)
      ruby-hmac (~> 0.3)
    backports (3.6.8)
    dotenv (2.1.1)
    mini_portile2 (2.1.0)
    multi_json (1.12.1)
    nokogiri (1.6.8.1)
      mini_portile2 (~> 2.1.0)
    rack (1.6.4)
    rack-protection (1.5.3)
      rack
    rack-test (0.6.3)
      rack (>= 1.0)
    ruby-hmac (0.4.0)
    sinatra (1.4.7)
      rack (~> 1.5)
      rack-protection (~> 1.4)
      tilt (>= 1.3, < 3)
    sinatra-contrib (1.4.7)
      backports (>= 2.0)
      multi_json
      rack-protection
      rack-test
      sinatra (~> 1.4.0)
      tilt (>= 1.3, < 3)
    tilt (2.0.5)

PLATFORMS
  ruby

DEPENDENCIES
  amazon-ecs (= 2.5.0)
  dotenv (= 2.1.1)
  nokogiri (= 1.6.8.1)
  sinatra (= 1.4.7)
  sinatra-contrib (= 1.4.7)

RUBY VERSION
   ruby 2.3.0p0

BUNDLED WITH
   1.12.5
